GEM
  remote: http://rubygems.org/
  specs:
    columnize (0.3.6)
    debugger (1.2.0)
      columnize (>= 0.3.1)
      debugger-linecache (~> 1.1.1)
      debugger-ruby_core_source (~> 1.1.3)
    debugger-linecache (1.1.2)
      debugger-ruby_core_source (>= 1.1.1)
    debugger-ruby_core_source (1.1.3)
    i18n (0.6.0)
    json (1.6.3)
    mail (2.3.0)
      i18n (>= 0.4.0)
      mime-types (~> 1.16)
      treetop (~> 1.4.8)
    mime-types (1.16)
    mocha (0.9.12)
    nokogiri (1.4.7)
    polyglot (0.3.2)
    rake (0.9.2.2)
    sanitize (2.0.3)
      nokogiri (>= 1.4.4, < 1.6)
    shoulda (2.11.3)
    treetop (1.4.10)
      polyglot
      polyglot (>= 0.3.1)
    unicode (0.4.0)
    wikipedia-client (1.0.0)

PLATFORMS
  ruby

DEPENDENCIES
  bundler
  debugger
  json
  mail
  mocha
  rake
  sanitize
  shoulda
  unicode
  wikipedia-client
